GEM
  remote: https://rubygems.org/
  specs:
    auto-correct (1.0.0)
      nokogiri (>= 1.4)
    nokogiri (1.13.4-x86_64-linux)
      racc (~> 1.4)
    racc (1.6.0)

PLATFORMS
  x86_64-linux

DEPENDENCIES
  auto-correct

BUNDLED WITH
   2.3.3
